PATH
  remote: .
  specs:
    jemalloc (0.1.4)

GEM
  remote: http://rubygems.org/
  specs:
    rake (0.9.2.2)
    rake-compiler (0.7.9)
      rake

PLATFORMS
  ruby

DEPENDENCIES
  bundler (>= 1.0.0)
  jemalloc!
  rake (>= 0.8.7)
  rake-compiler (~> 0.7.1)
